GEM
  remote: https://rubygems.org/
  specs:
    cheatset (1.3.4)
      haml
      plist
      redcarpet
      rouge
      sanitize
      sqlite3
      thor
      unindent
    crass (1.0.2)
    haml (5.0.1)
      temple (>= 0.8.0)
      tilt
    mini_portile2 (2.2.0)
    nokogiri (1.8.0)
      mini_portile2 (~> 2.2.0)
    nokogumbo (1.4.13)
      nokogiri
    plist (3.3.0)
    redcarpet (3.4.0)
    rouge (2.1.1)
    sanitize (4.5.0)
      crass (~> 1.0.2)
      nokogiri (>= 1.4.4)
      nokogumbo (~> 1.4.1)
    sqlite3 (1.3.13)
    temple (0.8.0)
    thor (0.19.4)
    tilt (2.0.8)
    unindent (1.0)

PLATFORMS
  ruby

DEPENDENCIES
  cheatset

BUNDLED WITH
   1.15.1
